NUGET
  remote: https://api.nuget.org/v3/index.json
    Dapper (2.1.35)
      System.Reflection.Emit.Lightweight (>= 4.7) - restriction: && (< net461) (< net5.0) (>= netstandard2.0)
    Flurl (4.0) - restriction: || (>= net461) (>= netstandard2.0)
      System.ValueTuple (>= 4.5) - restriction: && (>= net461) (< net472)
    Flurl.Http (4.0.2)
      Flurl (>= 4.0) - restriction: || (>= net461) (>= netstandard2.0)
      System.Text.Encoding.CodePages (>= 4.5.1) - restriction: && (< net461) (< net6.0) (>= netstandard2.0)
      System.Text.Json (>= 6.0.4) - restriction: || (>= net461) (&& (< net6.0) (>= netstandard2.0))
    FSharp.Control.AsyncSeq (3.2.1)
      FSharp.Core (>= 4.7.2) - restriction: >= netstandard2.0
      Microsoft.Bcl.AsyncInterfaces (>= 5.0) - restriction: >= netstandard2.0
    FSharp.Core (8.0.200)
    MathNet.Numerics (5.0)
      System.ValueTuple (>= 4.4) - restriction: && (>= net461) (< net48)
    Microsoft.AspNetCore.Hosting.Abstractions (2.2) - restriction: || (>= net462) (&& (< net6.0) (>= netstandard2.0))
      Microsoft.AspNetCore.Hosting.Server.Abstractions (>= 2.2) - restriction: >= netstandard2.0
      Microsoft.AspNetCore.Http.Abstractions (>= 2.2) - restriction: >= netstandard2.0
      Microsoft.Extensions.Hosting.Abstractions (>= 2.2) - restriction: >= netstandard2.0
    Microsoft.AspNetCore.Hosting.Server.Abstractions (2.2) - restriction: || (&& (>= net462) (>= netstandard2.0)) (&& (< net6.0) (>= netstandard2.0))
      Microsoft.AspNetCore.Http.Features (>= 2.2) - restriction: >= netstandard2.0
      Microsoft.Extensions.Configuration.Abstractions (>= 2.2) - restriction: >= netstandard2.0
    Microsoft.AspNetCore.Http.Abstractions (2.2) - restriction: || (>= net462) (&& (< net6.0) (>= netstandard2.0))
      Microsoft.AspNetCore.Http.Features (>= 2.2) - restriction: >= netstandard2.0
      System.Text.Encodings.Web (>= 4.5) - restriction: >= netstandard2.0
    Microsoft.AspNetCore.Http.Features (5.0.17) - restriction: || (&& (>= net462) (>= netstandard2.0)) (&& (< net6.0) (>= netstandard2.0))
      Microsoft.Extensions.Primitives (>= 5.0.1) - restriction: || (>= net461) (>= netstandard2.0)
      System.IO.Pipelines (>= 5.0.2) - restriction: || (>= net461) (>= netstandard2.0)
    Microsoft.Bcl.AsyncInterfaces (8.0) - restriction: || (>= net462) (&& (< net6.0) (>= netstandard2.1)) (>= netstandard2.0)
      System.Threading.Tasks.Extensions (>= 4.5.4) - restriction: || (>= net462) (&& (>= netstandard2.0) (< netstandard2.1))
    Microsoft.Bcl.HashCode (1.1.1) - restriction: && (>= netstandard2.0) (< netstandard2.1)
    Microsoft.Bcl.Numerics (8.0) - restriction: || (&& (>= net462) (>= netstandard2.0)) (&& (< net6.0) (>= netstandard2.0))
    Microsoft.Extensions.Configuration.Abstractions (8.0) - restriction: || (>= net462) (>= netstandard2.0)
      Microsoft.Extensions.Primitives (>= 8.0) - restriction: || (>= net462) (>= netstandard2.0)
      System.ValueTuple (>= 4.5) - restriction: >= net462
    Microsoft.Extensions.Configuration.Binder (8.0.1) - restriction: || (>= net462) (>= netstandard2.0)
      Microsoft.Extensions.Configuration.Abstractions (>= 8.0) - restriction: || (>= net462) (>= netstandard2.0)
    Microsoft.Extensions.DependencyInjection (8.0) - restriction: || (>= net462) (>= netstandard2.0)
      Microsoft.Bcl.AsyncInterfaces (>= 8.0) - restriction: || (>= net462) (&& (>= netstandard2.0) (< netstandard2.1))
      Microsoft.Extensions.DependencyInjection.Abstractions (>= 8.0) - restriction: || (>= net462) (>= netstandard2.0)
      System.Threading.Tasks.Extensions (>= 4.5.4) - restriction: || (>= net462) (&& (>= netstandard2.0) (< netstandard2.1))
    Microsoft.Extensions.DependencyInjection.Abstractions (8.0.1) - restriction: || (>= net462) (>= netstandard2.0)
      Microsoft.Bcl.AsyncInterfaces (>= 8.0) - restriction: || (>= net462) (&& (>= netstandard2.0) (< netstandard2.1))
      System.Threading.Tasks.Extensions (>= 4.5.4) - restriction: || (>= net462) (&& (>= netstandard2.0) (< netstandard2.1))
    Microsoft.Extensions.DependencyModel (8.0) - restriction: || (>= net462) (>= netstandard2.0)
      System.Buffers (>= 4.5.1) - restriction: || (>= net462) (&& (< net6.0) (>= netstandard2.0))
      System.Memory (>= 4.5.5) - restriction: || (>= net462) (&& (< net6.0) (>= netstandard2.0))
      System.Text.Encodings.Web (>= 8.0) - restriction: || (>= net462) (>= netstandard2.0)
      System.Text.Json (>= 8.0) - restriction: || (>= net462) (>= netstandard2.0)
    Microsoft.Extensions.Diagnostics.Abstractions (8.0) - restriction: || (>= net462) (>= netstandard2.0)
      Microsoft.Extensions.DependencyInjection.Abstractions (>= 8.0) - restriction: || (>= net462) (>= netstandard2.0)
      Microsoft.Extensions.Options (>= 8.0) - restriction: || (>= net462) (>= netstandard2.0)
      System.Buffers (>= 4.5.1) - restriction: || (>= net462) (&& (< net6.0) (>= netstandard2.0))
      System.Diagnostics.DiagnosticSource (>= 8.0) - restriction: || (>= net462) (>= netstandard2.0)
      System.Memory (>= 4.5.5) - restriction: || (>= net462) (&& (< net6.0) (>= netstandard2.0))
    Microsoft.Extensions.FileProviders.Abstractions (8.0) - restriction: || (>= net462) (>= netstandard2.0)
      Microsoft.Extensions.Primitives (>= 8.0) - restriction: || (>= net462) (>= netstandard2.0)
    Microsoft.Extensions.Hosting.Abstractions (8.0) - restriction: || (>= net462) (>= netstandard2.0)
      Microsoft.Bcl.AsyncInterfaces (>= 8.0) - restriction: || (>= net462) (&& (>= netstandard2.0) (< netstandard2.1))
      Microsoft.Extensions.Configuration.Abstractions (>= 8.0) - restriction: || (>= net462) (>= netstandard2.0)
      Microsoft.Extensions.DependencyInjection.Abstractions (>= 8.0) - restriction: || (>= net462) (>= netstandard2.0)
      Microsoft.Extensions.Diagnostics.Abstractions (>= 8.0) - restriction: || (>= net462) (>= netstandard2.0)
      Microsoft.Extensions.FileProviders.Abstractions (>= 8.0) - restriction: || (>= net462) (>= netstandard2.0)
      Microsoft.Extensions.Logging.Abstractions (>= 8.0) - restriction: || (>= net462) (>= netstandard2.0)
      System.Threading.Tasks.Extensions (>= 4.5.4) - restriction: || (>= net462) (&& (>= netstandard2.0) (< netstandard2.1))
    Microsoft.Extensions.Logging (8.0) - restriction: || (>= net462) (>= netstandard2.0)
      Microsoft.Bcl.AsyncInterfaces (>= 8.0) - restriction: || (>= net462) (&& (>= netstandard2.0) (< netstandard2.1))
      Microsoft.Extensions.DependencyInjection (>= 8.0) - restriction: || (>= net462) (>= netstandard2.0)
      Microsoft.Extensions.Logging.Abstractions (>= 8.0) - restriction: || (>= net462) (>= netstandard2.0)
      Microsoft.Extensions.Options (>= 8.0) - restriction: || (>= net462) (>= netstandard2.0)
      System.Diagnostics.DiagnosticSource (>= 8.0) - restriction: || (>= net462) (&& (< net6.0) (>= netstandard2.1)) (&& (>= netstandard2.0) (< netstandard2.1))
      System.ValueTuple (>= 4.5) - restriction: >= net462
    Microsoft.Extensions.Logging.Abstractions (8.0.1) - restriction: || (>= net462) (>= netstandard2.0)
      Microsoft.Extensions.DependencyInjection.Abstractions (>= 8.0.1) - restriction: || (>= net462) (>= netstandard2.0)
      System.Buffers (>= 4.5.1) - restriction: || (>= net462) (&& (< net6.0) (>= netstandard2.0))
      System.Memory (>= 4.5.5) - restriction: || (>= net462) (&& (< net6.0) (>= netstandard2.0))
    Microsoft.Extensions.Options (8.0.2) - restriction: || (>= net462) (>= netstandard2.0)
      Microsoft.Extensions.DependencyInjection.Abstractions (>= 8.0) - restriction: || (>= net462) (>= netstandard2.0)
      Microsoft.Extensions.Primitives (>= 8.0) - restriction: || (>= net462) (>= netstandard2.0)
      System.ComponentModel.Annotations (>= 5.0) - restriction: || (&& (< net462) (>= netstandard2.0) (< netstandard2.1)) (&& (< net6.0) (>= netstandard2.1))
      System.ValueTuple (>= 4.5) - restriction: >= net462
    Microsoft.Extensions.Primitives (8.0) - restriction: || (>= net462) (>= netstandard2.0)
      System.Memory (>= 4.5.5) - restriction: || (>= net462) (&& (< net6.0) (>= netstandard2.0))
      System.Runtime.CompilerServices.Unsafe (>= 6.0) - restriction: || (>= net462) (&& (>= net6.0) (< net7.0)) (&& (< net6.0) (>= netstandard2.0))
    Microsoft.ML (3.0.1)
      Microsoft.ML.CpuMath (>= 3.0.1) - restriction: >= netstandard2.0
      Microsoft.ML.DataView (>= 3.0.1) - restriction: >= netstandard2.0
      Newtonsoft.Json (>= 13.0.1) - restriction: >= netstandard2.0
      System.CodeDom (>= 4.5) - restriction: >= netstandard2.0
      System.Collections.Immutable (>= 1.5) - restriction: >= netstandard2.0
      System.Memory (>= 4.5.5) - restriction: >= netstandard2.0
      System.Reflection.Emit.Lightweight (>= 4.3) - restriction: >= netstandard2.0
      System.Threading.Channels (>= 4.7.1) - restriction: >= netstandard2.0
    Microsoft.ML.CpuMath (3.0.1) - restriction: >= netstandard2.0
      System.Memory (>= 4.5.5) - restriction: && (< net6.0) (>= netstandard2.0)
      System.Numerics.Tensors (>= 8.0) - restriction: >= netstandard2.0
    Microsoft.ML.DataView (3.0.1)
      System.Collections.Immutable (>= 1.5) - restriction: >= netstandard2.0
      System.Memory (>= 4.5.5) - restriction: >= netstandard2.0
    Microsoft.ML.FastTree (3.0.1)
      Microsoft.ML (>= 3.0.1) - restriction: >= netstandard2.0
    Newtonsoft.Json (13.0.3) - restriction: >= netstandard2.0
    Npgsql (8.0.2)
      Microsoft.Bcl.HashCode (>= 1.1.1) - restriction: && (>= netstandard2.0) (< netstandard2.1)
      Microsoft.Extensions.Logging.Abstractions (>= 8.0) - restriction: >= netstandard2.0
      System.Collections.Immutable (>= 8.0) - restriction: || (&& (< net6.0) (>= netstandard2.1)) (&& (>= netstandard2.0) (< netstandard2.1))
      System.Diagnostics.DiagnosticSource (>= 8.0) - restriction: || (&& (>= net6.0) (< net7.0)) (&& (< net6.0) (>= netstandard2.1)) (&& (>= netstandard2.0) (< netstandard2.1))
      System.Runtime.CompilerServices.Unsafe (>= 6.0) - restriction: || (&& (>= net6.0) (< net7.0)) (&& (< net6.0) (>= netstandard2.1)) (&& (>= netstandard2.0) (< netstandard2.1))
      System.Text.Json (>= 8.0) - restriction: || (&& (>= net6.0) (< net7.0)) (&& (< net6.0) (>= netstandard2.1)) (&& (>= netstandard2.0) (< netstandard2.1))
      System.Threading.Channels (>= 8.0) - restriction: || (&& (< net6.0) (>= netstandard2.1)) (&& (>= netstandard2.0) (< netstandard2.1))
    Serilog (3.1.1)
      System.Diagnostics.DiagnosticSource (>= 7.0.2) - restriction: || (&& (>= net462) (< netstandard2.0)) (&& (< net462) (>= netstandard2.0) (< netstandard2.1)) (>= net471) (&& (< net5.0) (>= netstandard2.1))
      System.ValueTuple (>= 4.5) - restriction: && (>= net462) (< netstandard2.0)
    Serilog.AspNetCore (8.0.1)
      Microsoft.AspNetCore.Hosting.Abstractions (>= 2.2) - restriction: || (>= net462) (&& (< net6.0) (>= netstandard2.0))
      Microsoft.AspNetCore.Http.Abstractions (>= 2.2) - restriction: || (>= net462) (&& (< net6.0) (>= netstandard2.0))
      Microsoft.Extensions.DependencyInjection (>= 8.0) - restriction: || (>= net462) (>= netstandard2.0)
      Microsoft.Extensions.Logging (>= 8.0) - restriction: || (>= net462) (>= netstandard2.0)
      Serilog (>= 3.1.1) - restriction: || (>= net462) (>= netstandard2.0)
      Serilog.Extensions.Hosting (>= 8.0) - restriction: || (>= net462) (>= netstandard2.0)
      Serilog.Extensions.Logging (>= 8.0) - restriction: || (>= net462) (>= netstandard2.0)
      Serilog.Formatting.Compact (>= 2.0) - restriction: || (>= net462) (>= netstandard2.0)
      Serilog.Settings.Configuration (>= 8.0) - restriction: || (>= net462) (>= netstandard2.0)
      Serilog.Sinks.Console (>= 5.0) - restriction: || (>= net462) (>= netstandard2.0)
      Serilog.Sinks.Debug (>= 2.0) - restriction: || (>= net462) (>= netstandard2.0)
      Serilog.Sinks.File (>= 5.0) - restriction: || (>= net462) (>= netstandard2.0)
    Serilog.Extensions.Hosting (8.0) - restriction: || (>= net462) (>= netstandard2.0)
      Microsoft.Extensions.DependencyInjection.Abstractions (>= 8.0) - restriction: || (>= net462) (>= netstandard2.0)
      Microsoft.Extensions.Hosting.Abstractions (>= 8.0) - restriction: || (>= net462) (>= netstandard2.0)
      Microsoft.Extensions.Logging.Abstractions (>= 8.0) - restriction: || (>= net462) (>= netstandard2.0)
      Serilog (>= 3.1.1) - restriction: || (>= net462) (>= netstandard2.0)
      Serilog.Extensions.Logging (>= 8.0) - restriction: || (>= net462) (>= netstandard2.0)
    Serilog.Extensions.Logging (8.0)
      Microsoft.Extensions.Logging (>= 8.0) - restriction: || (>= net462) (>= netstandard2.0)
      Serilog (>= 3.1.1) - restriction: || (>= net462) (>= netstandard2.0)
    Serilog.Formatting.Compact (2.0) - restriction: || (>= net462) (>= netstandard2.0)
      Serilog (>= 3.1) - restriction: || (&& (>= net462) (< netstandard2.0)) (&& (< net462) (>= netstandard2.0)) (>= net471) (>= netstandard2.1)
    Serilog.Settings.Configuration (8.0)
      Microsoft.Extensions.Configuration.Binder (>= 8.0) - restriction: || (>= net462) (>= netstandard2.0)
      Microsoft.Extensions.DependencyModel (>= 8.0) - restriction: || (>= net462) (>= netstandard2.0)
      Serilog (>= 3.1.1) - restriction: || (>= net462) (>= netstandard2.0)
    Serilog.Sinks.Console (5.0.1)
      Serilog (>= 3.1.1) - restriction: || (&& (>= net462) (< netstandard2.0)) (&& (< net462) (>= netstandard2.0)) (>= net471) (>= netstandard2.1)
    Serilog.Sinks.Debug (2.0) - restriction: || (>= net462) (>= netstandard2.0)
      Serilog (>= 2.10) - restriction: || (&& (>= net45) (< netstandard2.0)) (&& (< net45) (>= netstandard1.0) (< netstandard2.0)) (&& (< net45) (>= netstandard2.0)) (>= net46) (>= netstandard2.1)
    Serilog.Sinks.File (5.0) - restriction: || (>= net462) (>= netstandard2.0)
      Serilog (>= 2.10) - restriction: || (>= net45) (>= netstandard1.3)
    System.Buffers (4.5.1) - restriction: || (&& (>= monoandroid) (< netstandard1.1) (>= netstandard2.0)) (&& (< monoandroid) (< netstandard1.1) (>= netstandard2.0) (< win8)) (&& (>= monotouch) (>= netstandard2.0)) (&& (< net45) (< netcoreapp2.0) (>= netstandard2.0)) (&& (>= net461) (>= netstandard2.0)) (>= net462) (&& (< net6.0) (>= netstandard2.0)) (&& (< netstandard1.1) (>= netstandard2.0) (>= win8)) (&& (>= netstandard2.0) (>= xamarintvos)) (&& (>= netstandard2.0) (>= xamarinwatchos)) (>= xamarinios) (>= xamarinmac)
    System.CodeDom (8.0) - restriction: >= netstandard2.0
    System.Collections.Immutable (8.0) - restriction: || (&& (< net6.0) (>= netstandard2.1)) (>= netstandard2.0)
      System.Memory (>= 4.5.5) - restriction: || (>= net462) (&& (< net6.0) (>= netstandard2.0))
      System.Runtime.CompilerServices.Unsafe (>= 6.0) - restriction: || (>= net462) (&& (>= net6.0) (< net7.0)) (&& (< net6.0) (>= netstandard2.0))
    System.ComponentModel.Annotations (5.0) - restriction: || (&& (>= net462) (>= netstandard2.1)) (&& (< net462) (>= netstandard2.0) (< netstandard2.1)) (&& (< net6.0) (>= netstandard2.1))
    System.Diagnostics.DiagnosticSource (8.0) - restriction: || (>= net462) (&& (< net5.0) (>= netstandard2.1)) (&& (>= net6.0) (< net7.0)) (&& (< net6.0) (>= netstandard2.1)) (>= netstandard2.0)
      System.Memory (>= 4.5.5) - restriction: || (>= net462) (&& (< net6.0) (>= netstandard2.0))
      System.Runtime.CompilerServices.Unsafe (>= 6.0) - restriction: || (>= net462) (&& (>= net6.0) (< net7.0)) (&& (< net6.0) (>= netstandard2.0))
    System.IO.Pipelines (8.0) - restriction: || (&& (>= net461) (>= netstandard2.0)) (&& (>= net462) (>= netstandard2.0)) (&& (< net6.0) (>= netstandard2.0))
      System.Buffers (>= 4.5.1) - restriction: || (>= net462) (&& (< net6.0) (>= netstandard2.0))
      System.Memory (>= 4.5.5) - restriction: || (>= net462) (&& (< net6.0) (>= netstandard2.0))
      System.Threading.Tasks.Extensions (>= 4.5.4) - restriction: || (>= net462) (&& (< net6.0) (>= netstandard2.0))
    System.Memory (4.5.5) - restriction: || (>= net462) (>= netstandard2.0)
      System.Buffers (>= 4.5.1) - restriction: || (&& (>= monoandroid) (< netstandard1.1)) (&& (< monoandroid) (< net45) (>= netstandard1.1) (< netstandard2.0) (< win8) (< wpa81)) (&& (< monoandroid) (< netstandard1.1) (>= portable-net45+win8+wpa81) (< win8)) (>= monotouch) (&& (>= net45) (< netstandard2.0)) (&& (< net45) (< netcoreapp2.0) (>= netstandard2.0)) (>= net461) (&& (< netstandard1.1) (>= win8)) (&& (< netstandard2.0) (< uap10.1) (>= wpa81)) (>= xamarinios) (>= xamarinmac) (>= xamarintvos) (>= xamarinwatchos)
      System.Numerics.Vectors (>= 4.4) - restriction: && (< net45) (< netcoreapp2.0) (>= netstandard2.0) (< xamarinios) (< xamarinmac) (< xamarintvos) (< xamarinwatchos)
      System.Numerics.Vectors (>= 4.5) - restriction: >= net461
      System.Runtime.CompilerServices.Unsafe (>= 4.5.3) - restriction: || (&& (>= monoandroid) (< netstandard1.1)) (&& (< monoandroid) (< net45) (>= netstandard1.1) (< netstandard2.0) (< win8) (< wpa81)) (&& (< monoandroid) (>= netcoreapp2.0) (< netcoreapp2.1)) (&& (< monoandroid) (< netstandard1.1) (>= portable-net45+win8+wpa81) (< win8)) (>= monotouch) (&& (>= net45) (< netstandard2.0)) (&& (< net45) (< netcoreapp2.0) (>= netstandard2.0)) (>= net461) (&& (< netstandard1.1) (>= win8)) (&& (< netstandard2.0) (>= wpa81)) (>= uap10.1) (>= xamarinios) (>= xamarinmac) (>= xamarintvos) (>= xamarinwatchos)
    System.Numerics.Tensors (8.0) - restriction: >= netstandard2.0
      Microsoft.Bcl.Numerics (>= 8.0) - restriction: || (>= net462) (&& (< net6.0) (>= netstandard2.0))
      System.Memory (>= 4.5.5) - restriction: || (>= net462) (&& (< net6.0) (>= netstandard2.0))
    System.Numerics.Vectors (4.5) - restriction: || (&& (< net45) (< netcoreapp2.0) (>= netstandard2.0) (< xamarinios) (< xamarinmac) (< xamarintvos) (< xamarinwatchos)) (&& (>= net461) (>= netstandard2.0))
    System.Reflection.Emit.ILGeneration (4.7) - restriction: || (&& (< monoandroid) (< net45) (< netcoreapp2.0) (>= netstandard2.0) (< netstandard2.1) (< xamarintvos) (< xamarinwatchos)) (&& (>= netstandard2.0) (< portable-net45+wp8) (>= win8)) (&& (>= netstandard2.0) (< portable-net45+wp8) (< win8)) (&& (>= netstandard2.0) (>= uap10.1))
    System.Reflection.Emit.Lightweight (4.7) - restriction: >= netstandard2.0
      System.Reflection.Emit.ILGeneration (>= 4.7) - restriction: || (&& (< monoandroid) (< monotouch) (< net45) (>= netstandard1.0) (< netstandard2.0) (< win8) (< wp8) (< wpa81) (< xamarintvos) (< xamarinwatchos)) (&& (< monoandroid) (< net45) (< netcoreapp2.0) (>= netstandard2.0) (< netstandard2.1) (< xamarintvos) (< xamarinwatchos)) (&& (< netstandard2.0) (>= wpa81)) (&& (>= portable-net45+win8+wp8+wpa81) (< portable-net45+wp8) (< win8)) (&& (< portable-net45+wp8) (>= win8)) (>= uap10.1)
    System.Runtime.CompilerServices.Unsafe (6.0) - restriction: || (&& (>= monoandroid) (< netstandard1.1) (>= netstandard2.0)) (&& (< monoandroid) (>= netcoreapp2.0) (< netcoreapp2.1)) (&& (< monoandroid) (< netstandard1.0) (>= netstandard2.0) (< win8)) (&& (< monoandroid) (< netstandard1.1) (>= netstandard2.0) (< win8)) (&& (>= monotouch) (>= netstandard2.0)) (&& (< net45) (< netcoreapp2.0) (>= netstandard2.0)) (&& (>= net461) (>= netstandard2.0)) (>= net462) (&& (>= net6.0) (< net7.0)) (&& (>= net6.0) (< netstandard2.1)) (&& (< net6.0) (>= netstandard2.0)) (&& (< net6.0) (>= netstandard2.1)) (&& (< netstandard1.0) (>= netstandard2.0) (>= win8)) (&& (< netstandard1.1) (>= netstandard2.0) (>= win8)) (&& (>= netstandard2.0) (< netstandard2.1)) (&& (>= netstandard2.0) (>= uap10.1)) (&& (>= netstandard2.0) (>= wp8)) (&& (>= netstandard2.0) (>= xamarintvos)) (&& (>= netstandard2.0) (>= xamarinwatchos)) (>= xamarinios) (>= xamarinmac)
    System.Text.Encoding.CodePages (8.0) - restriction: && (< net461) (< net6.0) (>= netstandard2.0)
      System.Memory (>= 4.5.5) - restriction: || (>= net462) (&& (< net6.0) (>= netstandard2.0))
      System.Runtime.CompilerServices.Unsafe (>= 6.0) - restriction: || (>= net462) (&& (>= net6.0) (< net7.0)) (&& (< net6.0) (>= netstandard2.0))
    System.Text.Encodings.Web (8.0) - restriction: || (>= net462) (&& (>= net6.0) (< net7.0)) (&& (< net6.0) (>= netstandard2.1)) (>= netstandard2.0)
      System.Buffers (>= 4.5.1) - restriction: || (>= net462) (&& (< net6.0) (>= netstandard2.0))
      System.Memory (>= 4.5.5) - restriction: || (>= net462) (&& (< net6.0) (>= netstandard2.0))
      System.Runtime.CompilerServices.Unsafe (>= 6.0) - restriction: || (>= net462) (&& (>= net6.0) (< net7.0)) (&& (< net6.0) (>= netstandard2.0))
    System.Text.Json (8.0.3) - restriction: || (>= net461) (&& (>= net6.0) (< net7.0)) (&& (< net6.0) (>= netstandard2.1)) (>= netstandard2.0)
      Microsoft.Bcl.AsyncInterfaces (>= 8.0) - restriction: || (>= net462) (&& (< net6.0) (>= netstandard2.0))
      System.Buffers (>= 4.5.1) - restriction: || (>= net462) (&& (< net6.0) (>= netstandard2.0))
      System.Memory (>= 4.5.5) - restriction: || (>= net462) (&& (< net6.0) (>= netstandard2.0))
      System.Runtime.CompilerServices.Unsafe (>= 6.0) - restriction: || (>= net462) (&& (>= net6.0) (< net7.0)) (&& (< net6.0) (>= netstandard2.0))
      System.Text.Encodings.Web (>= 8.0) - restriction: || (>= net462) (>= netstandard2.0)
      System.Threading.Tasks.Extensions (>= 4.5.4) - restriction: || (>= net462) (&& (< net6.0) (>= netstandard2.0))
      System.ValueTuple (>= 4.5) - restriction: >= net462
    System.Threading.Channels (8.0) - restriction: || (&& (< net6.0) (>= netstandard2.1)) (>= netstandard2.0)
      System.Threading.Tasks.Extensions (>= 4.5.4) - restriction: || (>= net462) (&& (>= netstandard2.0) (< netstandard2.1))
    System.Threading.Tasks.Extensions (4.5.4) - restriction: || (>= net462) (&& (< net6.0) (>= netstandard2.1)) (&& (>= netstandard2.0) (< netstandard2.1))
      System.Runtime.CompilerServices.Unsafe (>= 4.5.3) - restriction: || (&& (< monoandroid) (< monotouch) (< net45) (>= netstandard1.0) (< netstandard2.0) (< win8) (< wpa81) (< xamarintvos) (< xamarinwatchos)) (&& (< monoandroid) (< netstandard1.0) (>= portable-net45+win8+wp8+wpa81) (< win8)) (&& (>= net45) (< netstandard2.0)) (&& (< net45) (< netcoreapp2.1) (>= netstandard2.0) (< xamarinios) (< xamarinmac) (< xamarintvos) (< xamarinwatchos)) (>= net461) (&& (< netstandard1.0) (>= win8)) (&& (< netstandard2.0) (>= wpa81)) (>= wp8)
    System.ValueTuple (4.5) - restriction: || (&& (>= net461) (< net472)) (&& (>= net461) (< net48)) (>= net462)
